GEM
  remote: http://rubygems.org/
  specs:
    POpen4 (0.1.4)
      Platform (>= 0.4.0)
      open4
    Platform (0.4.0)
    addressable (2.2.6)
    chunky_png (1.2.5)
    commonjs (0.2.0)
      therubyracer (~> 0.9.9)
    compass (0.11.6)
      chunky_png (~> 1.2)
      fssm (>= 0.2.7)
      sass (~> 3.1)
    em-websocket (0.3.6)
      addressable (>= 2.1.1)
      eventmachine (>= 0.12.9)
    eventmachine (0.12.10)
    forge (0.3.0)
      compass (~> 0.11.5)
      guard (~> 0.8.4)
      guard-livereload (~> 0.3.1)
      json (~> 1.6.1)
      less (~> 2.0.7)
      rack (~> 1.3.5)
      rb-fsevent (~> 0.4.3.1)
      rubyzip (~> 0.9.4)
      sass (~> 3.1.8)
      sprockets (~> 2.0.2)
      sprockets-sass (~> 0.3.0)
      thor (~> 0.14.6)
      yui-compressor (~> 0.9.6)
    fssm (0.2.7)
    guard (0.8.8)
      thor (~> 0.14.6)
    guard-livereload (0.3.1)
      em-websocket (>= 0.2.0)
      guard (>= 0.4.0)
      multi_json (~> 1.0.3)
    hike (1.2.1)
    json (1.6.4)
    less (2.0.8)
      commonjs (~> 0.2.0)
      therubyracer (~> 0.9.9)
    libv8 (3.3.10.4)
    multi_json (1.0.4)
    open4 (1.3.0)
    rack (1.3.5)
    rb-fsevent (0.4.3.1)
    rubyzip (0.9.5)
    sass (3.1.12)
    sprockets (2.0.3)
      hike (~> 1.2)
      rack (~> 1.0)
      tilt (~> 1.1, != 1.3.0)
    sprockets-sass (0.3.0)
      sprockets (~> 2.0)
    therubyracer (0.9.9)
      libv8 (~> 3.3.10)
    thor (0.14.6)
    tilt (1.3.3)
    yui-compressor (0.9.6)
      POpen4 (>= 0.1.4)

PLATFORMS
  ruby

DEPENDENCIES
  forge
